GEM
  remote: http://rubygems.org/
  specs:
    mini_portile2 (2.6.1)
    minitest (5.14.4)
    nio4r (2.7.3)
    nokogiri (1.12.5)
      mini_portile2 (~> 2.6.1)
      racc (~> 1.4)
    puma (6.4.2)
      nio4r (~> 2.0)
    racc (1.8.0)
    rack (3.1.7)

PLATFORMS
  ruby

DEPENDENCIES
  minitest (= 5.14.4)
  nokogiri (= 1.12.5)
  puma (~> 6.4)
  rack (~> 3.1)

BUNDLED WITH
   1.17.2
